GIT
  remote: git://github.com/rom-rb/rom.git
  revision: 8522ca66add9eedbab0ecc2a849d314112cfb8a6
  branch: master
  specs:
    rom (0.5.0)
      addressable (~> 2.3)
      charlatan (~> 0.1, >= 0.1)
      concord (~> 0.1, >= 0.1.4)
      descendants_tracker (~> 0.0, >= 0.0.4)
      equalizer (~> 0.0, >= 0.0.9)
      inflecto (~> 0.0, >= 0.0.2)
      thread_safe (~> 0.3)
      transproc (~> 0.1)

GEM
  remote: https://rubygems.org/
  specs:
    adamantium (0.2.0)
      ice_nine (~> 0.11.0)
      memoizable (~> 0.4.0)
    addressable (2.3.6)
    charlatan (0.1.0)
    concord (0.1.5)
      adamantium (~> 0.2.0)
      equalizer (~> 0.0.9)
    descendants_tracker (0.0.4)
      thread_safe (~> 0.3, >= 0.3.1)
    equalizer (0.0.9)
    ice_nine (0.11.1)
    inflecto (0.0.2)
    memoizable (0.4.2)
      thread_safe (~> 0.3, >= 0.3.1)
    rack (1.6.0)
    roda (1.3.0)
      rack
    thread_safe (0.3.4)
    transproc (0.1.0)

PLATFORMS
  ruby

DEPENDENCIES
  roda
  rom!
